GEM
  remote: http://rubygems.org/
  specs:
    bundle (0.0.1)
      bundler
    diff-lcs (1.1.3)
    nokogiri (1.5.5)
    nokogiri (1.5.5-x86-mingw32)
    rake (10.0.2)
    rspec (2.12.0)
      rspec-core (~> 2.12.0)
      rspec-expectations (~> 2.12.0)
      rspec-mocks (~> 2.12.0)
    rspec-core (2.12.2)
    rspec-expectations (2.12.1)
      diff-lcs (~> 1.1.3)
    rspec-mocks (2.12.1)
    rubyzip (0.9.9)

PLATFORMS
  ruby
  x86-mingw32

DEPENDENCIES
  bundle
  nokogiri
  rake
  rspec
  rubyzip
